GIT
  remote: http://github.com/deepfryed/eventmachine
  revision: d028163b05b2e04aee16a313afd0d2a4f2afc73f
  specs:
    eventmachine (1.0.1)

GEM
  remote: http://rubygems.org/
  specs:
    daemons (1.1.4)
    rack (3.0.6.1)
    rake (10.0.3)
    thin (1.3.1)
      daemons (>= 1.0.9)
      eventmachine (>= 0.12.6)
      rack (>= 1.0.0)

PLATFORMS
  ruby

DEPENDENCIES
  eventmachine!
  rake
  thin
